PATH
  remote: .
  specs:
    exif_csv (0.1.0)

GEM
  remote: https://rubygems.org/
  specs:
    exifr (1.3.6)
    rake (10.5.0)

PLATFORMS
  ruby

DEPENDENCIES
  bundler (~> 2.0)
  exif_csv!
  exifr
  rake (~> 10.0)

BUNDLED WITH
   2.0.1
